GEM
  remote: https://rubygems.org/
  specs:
    concurrent-ruby (1.0.5)
    i18n (0.9.1)
      concurrent-ruby (~> 1.0)
    numbers_and_words (0.11.2)
      i18n

PLATFORMS
  ruby

DEPENDENCIES
  numbers_and_words (~> 0.11.2)

BUNDLED WITH
   1.16.0.pre.3
